GEM
  remote: https://rubygems.org/
  specs:
    mysql2 (0.3.11)
    nokogiri (1.5.9)
    sequel (3.46.0)

PLATFORMS
  ruby

DEPENDENCIES
  mysql2
  nokogiri
  sequel
